PATH
  remote: .
  specs:
    compact_xml (0.0.1)

GEM
  remote: https://rubygems.org/
  specs:

PLATFORMS
  ruby

DEPENDENCIES
  compact_xml!
